GEM
  remote: http://rubygems.org/
  specs:
    clockwork (0.2.4)
    redis (2.2.2)
    uuidtools (2.1.2)

PLATFORMS
  ruby

DEPENDENCIES
  clockwork (~> 0.2.4)
  redis (~> 2.2.2)
  uuidtools (~> 2.1.2)
