GEM
  remote: http://rubygems.org/
  specs:
    clockwork (0.2.4)
    kgio (2.7.0)
    metaclass (0.0.1)
    mocha (0.10.0)
      metaclass (~> 0.0.1)
    mustermann (2.0.2)
      ruby2_keywords (~> 0.0.1)
    pg (0.11.0)
    rack (2.2.10)
    rack-protection (2.2.3)
      rack
    raindrops (0.8.0)
    rake (0.9.2.2)
    redis (2.2.2)
    ruby2_keywords (0.0.5)
    sequel (3.30.0)
    sinatra (2.2.3)
      mustermann (~> 2.0)
      rack (~> 2.2)
      rack-protection (= 2.2.3)
      tilt (~> 2.0)
    tilt (2.4.0)
    unicorn (4.1.1)
      kgio (~> 2.4)
      rack
      raindrops (~> 0.6)
    uuidtools (2.1.2)

PLATFORMS
  ruby

DEPENDENCIES
  clockwork (~> 0.2.4)
  mocha (~> 0.10.0)
  pg (~> 0.11.0)
  rake (~> 0.9.2.2)
  redis (~> 2.2.2)
  sequel (~> 3.30.0)
  sinatra (~> 2.2.3)
  unicorn (~> 4.1.1)
  uuidtools (~> 2.1.2)
